GEM
  remote: http://rubygems.org/
  specs:
    RedCloth (4.2.3)
    addressable (2.2.5)
    crack (0.1.8)
    daemons (1.1.4)
    diff-lcs (1.1.2)
    docify (1.0.4)
      RedCloth (~> 4.2.3)
      rdiscount (~> 1.6.8)
      rdoc (~> 3.7)
    eventmachine (0.12.10)
    rack (1.2.3)
    rack-contrib (1.1.0)
      rack (>= 0.9.1)
    rack-test (0.6.0)
      rack (>= 1.0)
    rake (0.8.7)
    rdiscount (1.6.8)
    rdoc (3.7)
    rspec (2.6.0)
      rspec-core (~> 2.6.0)
      rspec-expectations (~> 2.6.0)
      rspec-mocks (~> 2.6.0)
    rspec-core (2.6.4)
    rspec-expectations (2.6.0)
      diff-lcs (~> 1.1.2)
    rspec-mocks (2.6.0)
    sinatra (1.2.6)
      rack (~> 1.1)
      tilt (< 2.0, >= 1.2.2)
    thin (1.2.11)
      daemons (>= 1.0.9)
      eventmachine (>= 0.12.6)
      rack (>= 1.0.0)
    tilt (1.3.2)
    webmock (1.6.2)
      addressable (>= 2.2.2)
      crack (>= 0.1.7)

PLATFORMS
  ruby

DEPENDENCIES
  docify (= 1.0.4)
  rack-contrib (= 1.1.0)
  rack-test (= 0.6.0)
  rake (= 0.8.7)
  rspec (= 2.6.0)
  sinatra (= 1.2.6)
  thin (= 1.2.11)
  webmock (~> 1.6)
