GEM
  remote: https://rubygems.org/
  specs:
    RedCloth (4.2.9)
    addressable (2.3.2)
    crack (0.3.2)
    daemons (1.1.9)
    diff-lcs (1.1.3)
    docify (1.0.7)
      RedCloth (~> 4.2)
      rdiscount (~> 1.6)
      rdoc (~> 3.7)
    eventmachine (1.0.0)
    foreman (0.61.0)
      thor (>= 0.13.6)
    json (1.7.7)
    rack (1.5.2)
    rack-contrib (1.1.0)
      rack (>= 0.9.1)
    rack-protection (1.3.2)
      rack
    rack-test (0.6.2)
      rack (>= 1.0)
    rake (0.9.6)
    rdiscount (1.6.8)
    rdoc (3.12.1)
      json (~> 1.4)
    rspec (2.12.0)
      rspec-core (~> 2.12.0)
      rspec-expectations (~> 2.12.0)
      rspec-mocks (~> 2.12.0)
    rspec-core (2.12.2)
    rspec-expectations (2.12.1)
      diff-lcs (~> 1.1.3)
    rspec-mocks (2.12.2)
    shotgun (0.9)
      rack (>= 1.0)
    sinatra (1.3.4)
      rack (~> 1.4)
      rack-protection (~> 1.3)
      tilt (~> 1.3, >= 1.3.3)
    thin (1.5.0)
      daemons (>= 1.0.9)
      eventmachine (>= 0.12.6)
      rack (>= 1.0.0)
    thor (0.17.0)
    tilt (1.3.3)
    webmock (1.9.0)
      addressable (>= 2.2.7)
      crack (>= 0.1.7)

PLATFORMS
  ruby

DEPENDENCIES
  docify (~> 1.0)
  foreman (~> 0.60)
  rack-contrib (~> 1.1)
  rack-test (~> 0.6)
  rake (~> 0.9)
  rspec (~> 2.12)
  shotgun
  sinatra (~> 1.3)
  thin (~> 1.0)
  webmock (~> 1.6)
