GEM
  remote: http://rubygems.org/
  specs:
    RedCloth (4.2.9)
    addressable (2.2.8)
    crack (0.3.1)
    daemons (1.1.8)
    diff-lcs (1.1.3)
    docify (1.0.7)
      RedCloth (~> 4.2)
      rdiscount (~> 1.6)
      rdoc (~> 3.7)
    eventmachine (0.12.10)
    json (1.7.5)
    rack (1.4.1)
    rack-contrib (1.1.0)
      rack (>= 0.9.1)
    rack-protection (1.2.0)
      rack
    rack-test (0.6.1)
      rack (>= 1.0)
    rake (0.9.2.2)
    rdiscount (1.6.8)
    rdoc (3.12)
      json (~> 1.4)
    rspec (2.10.0)
      rspec-core (~> 2.10.0)
      rspec-expectations (~> 2.10.0)
      rspec-mocks (~> 2.10.0)
    rspec-core (2.10.1)
    rspec-expectations (2.10.0)
      diff-lcs (~> 1.1.3)
    rspec-mocks (2.10.1)
    sinatra (1.3.2)
      rack (~> 1.3, >= 1.3.6)
      rack-protection (~> 1.2)
      tilt (~> 1.3, >= 1.3.3)
    thin (1.3.1)
      daemons (>= 1.0.9)
      eventmachine (>= 0.12.6)
      rack (>= 1.0.0)
    tilt (1.3.3)
    webmock (1.8.7)
      addressable (>= 2.2.7)
      crack (>= 0.1.7)

PLATFORMS
  ruby

DEPENDENCIES
  docify (~> 1.0)
  rack-contrib (~> 1.1)
  rack-test (~> 0.6)
  rake (~> 0.9)
  rspec (~> 2.6)
  sinatra (~> 1.3)
  thin
  webmock (~> 1.6)
